GIT
  remote: git://github.com/cignoir/ruboty-tiqav.git
  revision: 37ef398311cd9f8c8852ce16eda151e8c18b91b5
  specs:
    ruboty-tiqav (0.1.0)
      ruboty
      tiqav

GEM
  remote: https://rubygems.org/
  specs:
    activesupport (5.0.1)
      concurrent-ruby (~> 1.0, >= 1.0.2)
      i18n (~> 0.7)
      minitest (~> 5.1)
      tzinfo (~> 1.1)
    addressable (2.5.0)
      public_suffix (~> 2.0, >= 2.0.2)
    concurrent-ruby (1.0.4)
    docomoru (0.1.3)
      activesupport
      faraday
      faraday_middleware
      json
      rack
      slop
    dotenv (2.2.0)
    faraday (0.11.0)
      multipart-post (>= 1.2, < 3)
    faraday_middleware (0.11.0.1)
      faraday (>= 0.7.4, < 1.0)
    i18n (0.7.0)
    json (2.0.3)
    mem (0.1.5)
    minitest (5.10.1)
    multipart-post (2.0.0)
    public_suffix (2.0.5)
    rack (2.0.1)
    ruboty (1.3.0)
      activesupport
      bundler
      dotenv
      mem
      slop
    ruboty-magi (0.6.0)
      ruboty
    ruboty-ruby (0.0.2)
      ruboty
    ruboty-slack (0.1.12)
      ruboty (>= 1.0.4)
      xrc (>= 0.1.8)
    ruboty-talk (0.0.5)
      docomoru (>= 0.0.3)
      ruboty (>= 1.1.0)
    ruboty-zoi (1.1.0)
      ruboty
    slop (4.4.1)
    thread_safe (0.3.5)
    tiqav (0.0.6)
      addressable
      json
    tzinfo (1.2.2)
      thread_safe (~> 0.1)
    xrc (0.1.8)
      activesupport

PLATFORMS
  ruby
  x64-mingw32

DEPENDENCIES
  ruboty
  ruboty-magi
  ruboty-ruby
  ruboty-slack
  ruboty-talk
  ruboty-tiqav!
  ruboty-zoi

BUNDLED WITH
   1.14.3
